GIT
  remote: git://github.com/mfn/ruby-fogbugz.git
  revision: 8bcd3b50fea6a6eb10c4d2ab41805eacf82b3d19
  branch: exceptions
  specs:
    ruby-fogbugz (0.1.1)
      crack

GEM
  remote: http://rubygems.org/
  specs:
    crack (0.3.1)
    json (1.7.3)
    metaclass (0.0.1)
    mocha (0.12.0)
      metaclass (~> 0.0.1)
    rack (1.4.1)
    rack-protection (1.2.0)
      rack
    rake (0.9.2.2)
    sinatra (1.3.2)
      rack (~> 1.3, >= 1.3.6)
      rack-protection (~> 1.2)
      tilt (~> 1.3, >= 1.3.3)
    tilt (1.3.3)

PLATFORMS
  ruby

DEPENDENCIES
  json (~> 1.7.3)
  mocha
  rake
  ruby-fogbugz!
  sinatra (~> 1.3.2)
